GIT
  remote: git://github.com/hanami/assets.git
  revision: f1098806f0d62d0cccb0ac35650367f3e3a4af90
  branch: master
  specs:
    hanami-assets (0.2.0)
      hanami-helpers (~> 0.3)
      hanami-utils (~> 0.7)
      tilt (~> 2.0, >= 2.0.2)

GIT
  remote: git://github.com/hanami/controller.git
  revision: c2c5054d97e09121b8ae5caa245ae792a1a45222
  branch: master
  specs:
    hanami-controller (0.6.0)
      hanami-utils (~> 0.7)
      hanami-validations (~> 0.5)
      rack (~> 1.6, >= 1.6.2)

GIT
  remote: git://github.com/hanami/hanami.git
  revision: b72bcb7cd6b202e520e4a2e1c5fbd4ed7805e0dd
  branch: master
  specs:
    hanami (0.7.0)
      bundler (~> 1.6)
      dotenv (~> 2.0)
      hanami-assets (~> 0.2)
      hanami-controller (~> 0.6)
      hanami-helpers (~> 0.3)
      hanami-mailer (~> 0.2)
      hanami-router (~> 0.6)
      hanami-utils (~> 0.7)
      hanami-view (~> 0.6)
      shotgun (~> 0.9)
      thor (~> 0.19)

GIT
  remote: git://github.com/hanami/helpers.git
  revision: 70d064e71794d46b40fda2e948615a1bc6785cb1
  branch: master
  specs:
    hanami-helpers (0.3.0)
      hanami-utils (~> 0.7)

GIT
  remote: git://github.com/hanami/model.git
  revision: 461f00c286b3772206d5c993bcebbcbcf0dff05f
  branch: master
  specs:
    hanami-model (0.6.0)
      hanami-utils (~> 0.7)
      sequel (~> 4.9)

GIT
  remote: git://github.com/hanami/router.git
  revision: 62a85519f262c38ca185894389e3a34d664fc5ae
  branch: master
  specs:
    hanami-router (0.6.0)
      hanami-utils (~> 0.7)
      http_router (~> 0.11)

GIT
  remote: git://github.com/hanami/utils.git
  revision: 070fa29d1566e2c5eec11c8f0887f885cdbfd239
  branch: master
  specs:
    hanami-utils (0.7.0)

GIT
  remote: git://github.com/hanami/validations.git
  revision: a005f4c8c8011752a5a99066f5891fdb9ff8d912
  branch: master
  specs:
    hanami-validations (0.5.0)
      hanami-utils (~> 0.7)

GIT
  remote: git://github.com/hanami/view.git
  revision: 1f8301436429e777c750997911b79ac39dc5f81f
  branch: master
  specs:
    hanami-view (0.6.0)
      hanami-utils (~> 0.7)
      tilt (~> 2.0, >= 2.0.1)

GEM
  remote: https://rubygems.org/
  specs:
    addressable (2.4.0)
    bcrypt (3.1.10)
    bcrypt (3.1.10-x64-mingw32)
    capybara (2.6.0)
      addressable
      mime-types (>= 1.16)
      nokogiri (>= 1.3.3)
      rack (>= 1.0.0)
      rack-test (>= 0.5.4)
      xpath (~> 2.0)
    dotenv (2.1.0)
    hanami-mailer (0.2.0)
      hanami-utils (~> 0.7)
      mail (~> 2.5)
      tilt (~> 2.0, >= 2.0.1)
    http_router (0.11.2)
      rack (>= 1.0.0)
      url_mount (~> 0.2.1)
    mail (2.6.3)
      mime-types (>= 1.16, < 3)
    mime-types (2.99)
    mini_portile2 (2.0.0)
    minitest (5.8.4)
    nio4r (2.5.7)
    nokogiri (1.6.7.2)
      mini_portile2 (~> 2.0.0.rc2)
    nokogiri (1.6.7.2-x64-mingw32)
      mini_portile2 (~> 2.0.0.rc2)
    pg (0.18.4)
    pg (0.18.4-x64-mingw32)
    puma (5.3.1)
      nio4r (~> 2.0)
    rack (1.6.4)
    rack-test (0.6.3)
      rack (>= 1.0)
    rake (10.5.0)
    sequel (4.30.0)
    shotgun (0.9.1)
      rack (>= 1.0)
    thor (0.19.1)
    tilt (2.0.2)
    url_mount (0.2.1)
      rack
    xpath (2.0.0)
      nokogiri (~> 1.3)

PLATFORMS
  ruby
  x64-mingw32

DEPENDENCIES
  bcrypt
  bundler
  capybara
  hanami!
  hanami-assets!
  hanami-controller!
  hanami-helpers!
  hanami-model!
  hanami-router!
  hanami-utils!
  hanami-validations!
  hanami-view!
  minitest
  pg
  puma
  rake
