GIT
  remote: git://github.com/lotus/assets.git
  revision: a49c7c63c11ddbc6522a0e584b594a65d3f2f9a1
  branch: 0.1.x
  specs:
    lotus-assets (0.1.0)
      lotus-helpers (~> 0.2, >= 0.2.5)
      lotus-utils (~> 0.6)
      tilt (~> 2.0, >= 2.0.1)
      yui-compressor (~> 0.12)

GIT
  remote: git://github.com/lotus/controller.git
  revision: a231d19f45e85f86184fa85207c1f9c83e6e746f
  branch: 0.5.x
  specs:
    lotus-controller (0.5.0)
      lotus-utils (~> 0.6)
      lotus-validations (~> 0.4)
      rack (~> 1.6, >= 1.6.2)

GIT
  remote: git://github.com/lotus/helpers.git
  revision: f9ef739245701235dc0cbe9409c7655e70ccec4f
  branch: 0.2.x
  specs:
    lotus-helpers (0.2.6)
      lotus-utils (~> 0.6)

GIT
  remote: git://github.com/lotus/lotus.git
  revision: 84527b417c4618ead9b33cc5b7a7f556247c8c0c
  branch: master
  specs:
    lotusrb (0.5.0)
      bundler (~> 1.6)
      dotenv (~> 2.0)
      lotus-assets (~> 0.1)
      lotus-controller (~> 0.5)
      lotus-helpers (~> 0.2, >= 0.2.6)
      lotus-mailer (~> 0.1)
      lotus-router (~> 0.5)
      lotus-utils (~> 0.6)
      lotus-view (~> 0.5)
      shotgun (~> 0.9)
      thor (~> 0.19)

GIT
  remote: git://github.com/lotus/model.git
  revision: 7cd754e0a8f57d4ef74ad5f75e59d6b160de5d73
  branch: 0.5.x
  specs:
    lotus-model (0.5.1)
      lotus-utils (~> 0.6)
      sequel (~> 4.9)

GIT
  remote: git://github.com/lotus/router.git
  revision: ece124e466e57035df5ef119e92b0b9efda9c871
  branch: 0.5.x
  specs:
    lotus-router (0.5.0)
      http_router (~> 0.11)
      lotus-utils (~> 0.6)

GIT
  remote: git://github.com/lotus/utils.git
  revision: 433acb824a3a524c0a2310efcbbafdb3c0cbeaed
  branch: 0.6.x
  specs:
    lotus-utils (0.6.0)

GIT
  remote: git://github.com/lotus/validations.git
  revision: c95e6713b440554b3e1a9246d873645c503dfa9a
  branch: 0.4.x
  specs:
    lotus-validations (0.4.0)
      lotus-utils (~> 0.6)

GIT
  remote: git://github.com/lotus/view.git
  revision: bcfcaabb1233f416c76334d0228b1a30e63087fb
  branch: 0.5.x
  specs:
    lotus-view (0.5.0)
      lotus-utils (~> 0.6)
      tilt (~> 2.0, >= 2.0.1)

GEM
  remote: https://rubygems.org/
  specs:
    bcrypt (3.1.10-x64-mingw32)
    capybara (2.5.0)
      mime-types (>= 1.16)
      nokogiri (>= 1.3.3)
      rack (>= 1.0.0)
      rack-test (>= 0.5.4)
      xpath (~> 2.0)
    dotenv (2.0.2)
    http_router (0.11.2)
      rack (>= 1.0.0)
      url_mount (~> 0.2.1)
    lotus-mailer (0.1.0)
      lotus-utils (~> 0.5)
      mail (~> 2.5)
      tilt (~> 2.0, >= 2.0.1)
    mail (2.6.3)
      mime-types (>= 1.16, < 3)
    mime-types (2.99)
    mini_portile2 (2.0.0)
    minitest (5.8.3)
    nokogiri (1.6.7.1-x64-mingw32)
      mini_portile2 (~> 2.0.0.rc2)
    pg (0.18.4-x64-mingw32)
    puma (2.15.3)
    rack (1.6.4)
    rack-test (0.6.3)
      rack (>= 1.0)
    rake (10.4.2)
    sequel (4.29.0)
    shotgun (0.9.1)
      rack (>= 1.0)
    thor (0.19.1)
    tilt (2.0.1)
    url_mount (0.2.1)
      rack
    wdm (0.1.1)
    xpath (2.0.0)
      nokogiri (~> 1.3)
    yui-compressor (0.12.0)

PLATFORMS
  x64-mingw32

DEPENDENCIES
  bcrypt
  bundler
  capybara
  lotus-assets!
  lotus-controller!
  lotus-helpers!
  lotus-model!
  lotus-router!
  lotus-utils!
  lotus-validations!
  lotus-view!
  lotusrb!
  minitest
  pg
  puma
  rake
  wdm (>= 0.1.0)
